GIT
  remote: https://github.com/NCDevOnline/unirest-ruby
  revision: 40373e903b149983212c80b3ca47bd86cbed38ae
  branch: ruby-3.0
  specs:
    unirest (1.1.3)
      addressable (~> 2.7.0)
      json (~> 2.3.1)
      rest-client (~> 2.0.2)

PATH
  remote: .
  specs:
    ip_to_earth (1.0)
      json_mapper (~> 0.2.1)
      unirest (~> 1.1.3)

GEM
  remote: https://rubygems.org/
  specs:
    addressable (2.7.0)
      public_suffix (>= 2.0.2, < 5.0)
    ast (2.4.2)
    byebug (11.1.3)
    domain_name (0.5.20190701)
      unf (>= 0.0.5, < 1.0.0)
    http-cookie (1.0.4)
      domain_name (~> 0.5)
    json (2.3.1)
    json_mapper (0.2.1)
      json (>= 1.4.3)
    mime-types (3.3.1)
      mime-types-data (~> 3.2015)
    mime-types-data (3.2021.0225)
    netrc (0.11.0)
    parallel (1.20.1)
    parser (3.0.1.1)
      ast (~> 2.4.1)
    public_suffix (4.0.6)
    rainbow (3.0.0)
    regexp_parser (2.1.1)
    rest-client (2.0.2)
      http-cookie (>= 1.0.2, < 2.0)
      mime-types (>= 1.16, < 4.0)
      netrc (~> 0.8)
    rexml (3.2.5)
    rubocop (1.4.2)
      parallel (~> 1.10)
      parser (>= 2.7.1.5)
      rainbow (>= 2.2.2, < 4.0)
      regexp_parser (>= 1.8)
      rexml
      rubocop-ast (>= 1.1.1)
      ruby-progressbar (~> 1.7)
      unicode-display_width (>= 1.4.0, < 2.0)
    rubocop-ast (1.7.0)
      parser (>= 3.0.1.1)
    rubocop-ordered_methods (0.9)
      rubocop (>= 1.0)
    rubocop-performance (1.10.2)
      rubocop (>= 0.90.0, < 2.0)
      rubocop-ast (>= 0.4.0)
    ruby-progressbar (1.11.0)
    unf (0.1.4)
      unf_ext
    unf_ext (0.0.7.7)
    unicode-display_width (1.7.0)

PLATFORMS
  ruby

DEPENDENCIES
  byebug
  ip_to_earth!
  rubocop (= 1.4.2)
  rubocop-ordered_methods
  rubocop-performance
  unirest!

RUBY VERSION
   ruby 3.0.1p64

BUNDLED WITH
   2.2.20
